GEM
  remote: https://rubygems.org/
  specs:
    jaeger-client (0.10.0)
      opentracing (~> 0.3)
      thrift
    mustermann (1.0.3)
    opentracing (0.5.0)
    rack (2.0.6)
    rack-protection (2.0.5)
      rack
    rack-tracer (0.9.0)
      opentracing (~> 0.4)
    sinatra (2.0.5)
      mustermann (~> 1.0)
      rack (~> 2.0)
      rack-protection (= 2.0.5)
      tilt (~> 2.0)
    thrift (0.11.0.0)
    tilt (2.0.9)

PLATFORMS
  ruby

DEPENDENCIES
  jaeger-client
  rack-tracer
  sinatra

BUNDLED WITH
   1.17.2
